PATH
  remote: .
  specs:
    ODS-Wrapper (0.1.7)
      httparty

GEM
  remote: https://rubygems.org/
  specs:
    httparty (0.16.4)
      mime-types (~> 3.0)
      multi_xml (>= 0.5.2)
    mime-types (3.2.2)
      mime-types-data (~> 3.2015)
    mime-types-data (3.2018.0812)
    minitest (5.11.3)
    multi_xml (0.6.0)
    rake (12.3.2)

PLATFORMS
  ruby

DEPENDENCIES
  ODS-Wrapper!
  bundler
  minitest
  rake

BUNDLED WITH
   1.17.2
