PATH
  remote: .
  specs:
    ods_wrapper (1.2.0)
      httparty

GEM
  remote: https://rubygems.org/
  specs:
    httparty (0.21.0)
      mini_mime (>= 1.0.0)
      multi_xml (>= 0.5.2)
    mini_mime (1.1.2)
    minitest (5.14.0)
    multi_xml (0.6.0)
    rake (13.0.1)

PLATFORMS
  ruby

DEPENDENCIES
  bundler
  minitest
  ods_wrapper!
  rake

BUNDLED WITH
   2.1.4
