PATH
  remote: .
  specs:
    ods_wrapper (1.0.4)
      httparty

GEM
  remote: https://rubygems.org/
  specs:
    httparty (0.17.1)
      mime-types (~> 3.0)
      multi_xml (>= 0.5.2)
    mime-types (3.3)
      mime-types-data (~> 3.2015)
    mime-types-data (3.2019.1009)
    minitest (5.13.0)
    multi_xml (0.6.0)
    rake (13.0.1)

PLATFORMS
  ruby

DEPENDENCIES
  bundler
  minitest
  ods_wrapper!
  rake

BUNDLED WITH
   2.0.2
